GIT
  remote: git://github.com/Compass/compass-rails.git
  revision: aea69635f6000bbc7180f7fdd0ce216f904db30d
  specs:
    compass-rails (2.0.alpha.0)
      compass (>= 0.12.2, < 0.14)

GIT
  remote: git://github.com/anjlab/bootstrap-rails.git
  revision: bda9ea4a162e7f726002d049fa73c0fda5fc1014
  specs:
    anjlab-bootstrap-rails (3.0.3.0)
      railties (>= 3.0)
      sass (>= 3.2)

GIT
  remote: git://github.com/johnbintz/caroufredsel-rails.git
  revision: 81bb0c362e26ac76c714d49a2e02e076a433a039
  specs:
    caroufredsel-rails (6.1.0)
      coffee-script

GIT
  remote: git://github.com/plataformatec/simple_form.git
  revision: 50c4ac4a8bd0cb883ddaa309b779978e4207fef4
  specs:
    simple_form (3.0.0)
      actionpack (>= 4.0.0, < 4.1)
      activemodel (>= 4.0.0, < 4.1)

GIT
  remote: git://github.com/scottvrosenthal/twitter-bootswatch-rails.git
  revision: 75d3f9cc658baee0bc15e2590df15432ccfd71d1
  specs:
    twitter-bootswatch-rails (3.0.2.0)
      execjs (>= 1.4.0)
      less-rails (>= 2.3)
      railties (>= 3.1)

GEM
  remote: http://rubygems.org/
  specs:
    actionmailer (4.0.1)
      actionpack (= 4.0.1)
      mail (~> 2.5.4)
    actionpack (4.0.1)
      activesupport (= 4.0.1)
      builder (~> 3.1.0)
      erubis (~> 2.7.0)
      rack (~> 1.5.2)
      rack-test (~> 0.6.2)
    active_model_serializers (0.8.1)
      activemodel (>= 3.0)
    activemodel (4.0.1)
      activesupport (= 4.0.1)
      builder (~> 3.1.0)
    activerecord (4.0.1)
      activemodel (= 4.0.1)
      activerecord-deprecated_finders (~> 1.0.2)
      activesupport (= 4.0.1)
      arel (~> 4.0.0)
    activerecord-deprecated_finders (1.0.3)
    activesupport (4.0.1)
      i18n (~> 0.6, >= 0.6.4)
      minitest (~> 4.2)
      multi_json (~> 1.3)
      thread_safe (~> 0.1)
      tzinfo (~> 0.3.37)
    addressable (2.3.5)
    angularjs-rails (1.2.3)
    anjlab-widgets (3.0.4)
      anjlab-bootstrap-rails (>= 3.0)
    annotate (2.6.1)
      activerecord (>= 2.3.0)
      rake (>= 0.8.7)
    apipie-rails (0.0.24)
      rails (>= 3.0.10)
    arel (4.0.1)
    atomic (1.1.14)
    authority (2.9.0)
      activesupport (>= 3.0.0)
      rake (>= 0.8.7)
    backports (3.3.5)
    backup (3.4.0)
      open4 (~> 1.3.0)
      thor (>= 0.15.4, < 2)
    bcrypt-ruby (3.1.2)
    breadcrumbs_on_rails (2.3.0)
    builder (3.1.4)
    capistrano (2.15.5)
      highline
      net-scp (>= 1.0.0)
      net-sftp (>= 2.0.0)
      net-ssh (>= 2.0.14)
      net-ssh-gateway (>= 1.1.0)
    capistrano-ext (1.2.1)
      capistrano (>= 1.0.0)
    capistrano-platform-resources (0.1.3)
      capistrano (< 3)
    capistrano-rbenv (1.0.5)
      capistrano (< 3)
      capistrano-platform-resources (>= 0.1.3)
    carrierwave (0.9.0)
      activemodel (>= 3.2.0)
      activesupport (>= 3.2.0)
      json (>= 1.7)
    celluloid (0.15.2)
      timers (~> 1.1.0)
    chosen-rails (1.0.1)
      coffee-rails (>= 3.2)
      compass-rails (>= 1.0)
      railties (>= 3.0)
      sass-rails (>= 3.2)
    chronic (0.10.2)
    chunky_png (1.2.8)
    ci_reporter (1.9.0)
      builder (>= 2.1.2)
    closure_tree (4.2.9)
      activerecord (>= 3.0.0)
      with_advisory_lock (>= 0.0.9)
    cocoon (1.2.1)
    coderay (1.0.9)
    coffee-rails (4.0.0)
      coffee-script (>= 2.2.0)
      railties (>= 4.0.0.beta, < 5.0)
    coffee-script (2.2.0)
      coffee-script-source
      execjs
    coffee-script-source (1.6.3)
    commonjs (0.2.7)
    compass (0.12.2)
      chunky_png (~> 1.2)
      fssm (>= 0.2.7)
      sass (~> 3.1)
    configus (0.0.4)
      rake
    connection_pool (1.1.0)
    coveralls (0.7.0)
      multi_json (~> 1.3)
      rest-client
      simplecov (>= 0.7)
      term-ansicolor
      thor
    descendants_tracker (0.0.3)
    devise (3.2.2)
      bcrypt-ruby (~> 3.0)
      orm_adapter (~> 0.1)
      railties (>= 3.2.6, < 5)
      thread_safe (~> 0.1)
      warden (~> 1.2.3)
    diff-lcs (1.1.3)
    docile (1.1.1)
    draper (1.2.1)
      actionpack (>= 3.0)
      activesupport (>= 3.0)
      request_store (~> 1.0.3)
    enumerize (0.7.0)
      activesupport (>= 3.2)
    erubis (2.7.0)
    excon (0.13.4)
    execjs (2.0.2)
    factory_girl (4.2.0)
      activesupport (>= 3.0.0)
    factory_girl_rails (4.2.1)
      factory_girl (~> 4.2.0)
      railties (>= 3.0.0)
    ffi (1.9.3)
    fog (1.3.1)
      builder
      excon (~> 0.13.0)
      formatador (~> 0.2.0)
      mime-types
      multi_json (~> 1.0)
      net-scp (~> 1.0.4)
      net-ssh (>= 2.1.3)
      nokogiri (~> 1.5.0)
      ruby-hmac
    formatador (0.2.4)
    fssm (0.2.10)
    google-analytics-rails (0.0.4)
    haml (4.0.3)
      tilt
    haml-rails (0.4)
      actionpack (>= 3.1, < 4.1)
      activesupport (>= 3.1, < 4.1)
      haml (>= 3.1, < 4.1)
      railties (>= 3.1, < 4.1)
    hash-deep-merge (0.1.1)
    highline (1.6.19)
    hike (1.2.3)
    http_accept_language (2.0.0)
    i18n (0.6.9)
    jquery-rails (3.0.4)
      railties (>= 3.0, < 5.0)
      thor (>= 0.14, < 2.0)
    jquery-ui-rails (4.0.5)
      railties (>= 3.1.0)
    js-routes (0.9.3)
      rails (>= 3.2)
    json (1.8.0)
    kaminari (0.14.1)
      actionpack (>= 3.0.0)
      activesupport (>= 3.0.0)
    kgio (2.8.1)
    launchy (2.3.0)
      addressable (~> 2.3)
    le (2.2.2)
    less (2.4.0)
      commonjs (~> 0.2.7)
    less-rails (2.4.2)
      actionpack (>= 3.1)
      less (~> 2.4.0)
    libv8 (3.16.14.3)
    listen (2.3.1)
      celluloid (>= 0.15.2)
      rb-fsevent (>= 0.9.3)
      rb-inotify (>= 0.9)
    mail (2.5.4)
      mime-types (~> 1.16)
      treetop (~> 1.4.8)
    mail_view (2.0.1)
      tilt
    metaclass (0.0.1)
    method_source (0.8.2)
    mime-types (1.25.1)
    mini_magick (3.6.0)
      subexec (~> 0.2.1)
    minitest (4.7.5)
    minitest-rails (0.9.2)
      minitest (~> 4.7)
      rails (>= 3.0)
    mocha (0.14.0)
      metaclass (~> 0.0.1)
    multi_json (1.8.2)
    net-scp (1.0.4)
      net-ssh (>= 1.99.1)
    net-sftp (2.1.2)
      net-ssh (>= 2.6.5)
    net-ssh (2.7.0)
    net-ssh-gateway (1.2.0)
      net-ssh (>= 2.6.5)
    nokogiri (1.5.10)
    open4 (1.3.0)
    orm_adapter (0.5.0)
    pg (0.17.0)
    polyamorous (0.6.4)
      activerecord (>= 3.0)
    polyglot (0.3.3)
    pre-commit (0.9.1)
      execjs
    predicated (0.2.6)
    pry (0.9.12.2)
      coderay (~> 1.0.5)
      method_source (~> 0.8)
      slop (~> 3.4)
    pry-rails (0.3.2)
      pry (>= 0.9.10)
    puma (2.6.0)
      rack (>= 1.1, < 2.0)
    quiet_assets (1.0.2)
      railties (>= 3.1, < 5.0)
    rack (1.5.2)
    rack-protection (1.5.0)
      rack
    rack-test (0.6.2)
      rack (>= 1.0)
    rails (4.0.1)
      actionmailer (= 4.0.1)
      actionpack (= 4.0.1)
      activerecord (= 4.0.1)
      activesupport (= 4.0.1)
      bundler (>= 1.3.0, < 2.0)
      railties (= 4.0.1)
      sprockets-rails (~> 2.0.0)
    rails-observers (0.1.2)
      activemodel (~> 4.0)
    railties (4.0.1)
      actionpack (= 4.0.1)
      activesupport (= 4.0.1)
      rake (>= 0.8.7)
      thor (>= 0.18.1, < 2.0)
    raindrops (0.12.0)
    rake (10.1.0)
    ransack (1.0.0)
      actionpack (>= 3.0)
      activerecord (>= 3.0)
      polyamorous (~> 0.6.0)
    rb-fsevent (0.9.3)
    rb-inotify (0.9.2)
      ffi (>= 0.5.0)
    rdoc (3.12.2)
      json (~> 1.4)
    redactor-rails (0.4.2)
      devise
      mime-types
      orm_adapter
    redcarpet (3.0.0)
    redis (3.0.5)
    redis-namespace (1.3.1)
      redis (~> 3.0.0)
    ref (1.0.5)
    request_store (1.0.5)
    rest-client (1.6.7)
      mime-types (>= 1.16)
    rollbar (0.12.0)
      multi_json (~> 1.5)
    ruby-hmac (0.4.0)
    ruby2ruby (2.0.6)
      ruby_parser (~> 3.1)
      sexp_processor (~> 4.0)
    ruby_parser (3.2.2)
      sexp_processor (~> 4.1)
    russian (0.6.0)
      i18n (>= 0.5.0)
    rvm-capistrano (1.5.1)
      capistrano (~> 2.15.4)
    sass (3.2.12)
    sass-rails (4.0.0)
      railties (>= 4.0.0.beta, < 5.0)
      sass (>= 3.1.10)
      sprockets-rails (~> 2.0.0)
    sdoc (0.3.20)
      json (>= 1.1.3)
      rdoc (~> 3.10)
    sexp_processor (4.3.0)
    sidekiq (2.15.1)
      celluloid (>= 0.15.1)
      connection_pool (>= 1.0.0)
      json
      redis (>= 3.0.4)
      redis-namespace (>= 1.3.1)
    simple-navigation (3.11.0)
      activesupport (>= 2.3.2)
    simplecov (0.8.2)
      docile (~> 1.1.0)
      multi_json
      simplecov-html (~> 0.8.0)
    simplecov-html (0.8.0)
    sinatra (1.4.3)
      rack (~> 1.4)
      rack-protection (~> 1.4)
      tilt (~> 1.3, >= 1.3.4)
    slop (3.4.6)
    spring (0.0.11)
    spring-commands-testunit (1.0.0)
    sprockets (2.10.1)
      hike (~> 1.2)
      multi_json (~> 1.0)
      rack (~> 1.0)
      tilt (~> 1.1, != 1.3.0)
    sprockets-rails (2.0.1)
      actionpack (>= 3.0)
      activesupport (>= 3.0)
      sprockets (~> 2.8)
    state_machine (1.2.0)
    subexec (0.2.3)
    superfish-rails (1.6.0.1)
    tconsole (1.0.0)
    term-ansicolor (1.2.2)
      tins (~> 0.8)
    therubyracer (0.12.0)
      libv8 (~> 3.16.14.0)
      ref
    thor (0.18.1)
    thread_safe (0.1.3)
      atomic
    tilt (1.4.1)
    timers (1.1.0)
    tins (0.12.0)
    treetop (1.4.15)
      polyglot
      polyglot (>= 0.3.1)
    tzinfo (0.3.38)
    uglifier (2.2.1)
      execjs (>= 0.3.0)
      multi_json (~> 1.0, >= 1.0.2)
    unicorn (4.6.3)
      kgio (~> 2.6)
      rack
      raindrops (~> 0.7)
    untranslated (1.0.2)
      hash-deep-merge
      i18n
    validates (0.0.8)
      activemodel (>= 3.0.0)
      activesupport (>= 3.0.0)
    vendorer (0.1.14)
    virtus (0.5.5)
      backports (~> 3.3)
      descendants_tracker (~> 0.0.1)
    warden (1.2.3)
      rack (>= 1.0)
    whenever (0.8.4)
      activesupport (>= 2.3.4)
      chronic (>= 0.6.3)
    with_advisory_lock (0.0.10)
      activerecord (>= 3.0.0)
    wrong (0.7.0)
      diff-lcs (~> 1.1.2)
      predicated (~> 0.2.6)
      ruby2ruby (>= 2.0.1)
      ruby_parser (>= 3.0.1)
      sexp_processor (>= 4.0)

PLATFORMS
  ruby

DEPENDENCIES
  active_model_serializers
  angularjs-rails
  anjlab-bootstrap-rails!
  anjlab-widgets
  annotate
  apipie-rails
  authority
  backup
  bcrypt-ruby (~> 3.1.2)
  breadcrumbs_on_rails
  capistrano (~> 2.5.x)
  capistrano-ext
  capistrano-rbenv
  caroufredsel-rails!
  carrierwave
  chosen-rails
  ci_reporter
  closure_tree
  cocoon
  coffee-rails (~> 4.0.0)
  compass-rails!
  configus
  coveralls
  draper
  enumerize
  factory_girl_rails
  fog (~> 1.3.1)
  google-analytics-rails
  haml-rails
  http_accept_language
  jquery-rails
  jquery-ui-rails
  js-routes
  kaminari
  launchy
  le
  less-rails
  listen
  mail_view
  mini_magick
  minitest-rails
  mocha
  pg
  pre-commit
  pry
  pry-rails
  puma
  quiet_assets
  rails (= 4.0.1)
  rails-observers
  rake
  ransack
  redactor-rails
  redcarpet
  rollbar
  russian
  rvm-capistrano
  sass-rails (~> 4.0.0)
  sdoc
  sidekiq
  simple-navigation
  simple_form!
  simplecov
  sinatra (>= 1.3.0)
  spring
  spring-commands-testunit
  state_machine
  superfish-rails
  tconsole
  term-ansicolor
  therubyracer
  twitter-bootswatch-rails!
  uglifier (>= 1.3.0)
  unicorn
  untranslated
  validates
  vendorer
  virtus
  whenever
  wrong
